PATH
  remote: .
  specs:
    sendle (0.1.1)
      gmail (>= 0.3.4)
      rb-fsevent

GEM
  remote: http://rubygems.org/
  specs:
    gmail (0.4.0)
      gmail_xoauth (>= 0.3.0)
      mail (>= 2.2.1)
      mime (>= 0.1)
    gmail_xoauth (0.3.0)
      oauth (>= 0.3.6)
    i18n (0.6.0)
    mail (2.3.0)
      i18n (>= 0.4.0)
      mime-types (~> 1.16)
      treetop (~> 1.4.8)
    mime (0.1)
    mime-types (1.16)
    oauth (0.4.4)
    polyglot (0.3.1)
    rb-fsevent (0.4.0)
    treetop (1.4.9)
      polyglot (>= 0.3.1)

PLATFORMS
  ruby

DEPENDENCIES
  sendle!
